PATH
  remote: .
  specs:
    dogids-cli (0.0.2)
      net-ssh (~> 2.9)
      thor (~> 0.19)

GEM
  remote: https://rubygems.org/
  specs:
    net-ssh (2.9.2)
    thor (0.19.1)

PLATFORMS
  ruby

DEPENDENCIES
  dogids-cli!
